GEM
  remote: https://rubygems.org/
  specs:
    nio4r (2.5.8)
    puma (5.6.5)
      nio4r (~> 2.0)
    rack (2.2.4)
    rulers (0.0.1)
      rack (~> 2.2)

PLATFORMS
  x86_64-darwin-21

DEPENDENCIES
  puma
  rulers

BUNDLED WITH
   2.3.7
